GIT
  remote: https://github.com/Gibheer/class_options.git
  revision: 38cb6da00a9aa613eb7510145345cd5eb3c06614
  specs:
    class_options (0.0.2)

PATH
  remote: .
  specs:
    zero (0.2.0)
      class_options
      tilt

GEM
  remote: https://rubygems.org/
  specs:
    coderay (1.0.8)
    devutils (0.0.1)
      rspec
      thor
    devutils-docs (0.0.1)
      yard
    devutils-guard (0.0.1)
      guard
      guard-bundler
      guard-rspec
    diff-lcs (1.1.3)
    guard (1.6.2)
      listen (>= 0.6.0)
      lumberjack (>= 1.0.2)
      pry (>= 0.9.10)
      terminal-table (>= 1.4.3)
      thor (>= 0.14.6)
    guard-bundler (1.0.0)
      bundler (~> 1.0)
      guard (~> 1.1)
    guard-rspec (2.4.0)
      guard (>= 1.1)
      rspec (~> 2.11)
    kramdown (0.14.2)
    listen (0.7.2)
    lumberjack (1.0.2)
    method_source (0.8.1)
    pry (0.9.11.4)
      coderay (~> 1.0.5)
      method_source (~> 0.8)
      slop (~> 3.4)
    pry (0.9.11.4-java)
      coderay (~> 1.0.5)
      method_source (~> 0.8)
      slop (~> 3.4)
      spoon (~> 0.0)
    rack (1.5.0)
    redcarpet (2.2.2)
    rspec (2.12.0)
      rspec-core (~> 2.12.0)
      rspec-expectations (~> 2.12.0)
      rspec-mocks (~> 2.12.0)
    rspec-core (2.12.2)
    rspec-expectations (2.12.1)
      diff-lcs (~> 1.1.3)
    rspec-mocks (2.12.2)
    slop (3.4.3)
    spoon (0.0.1)
    terminal-table (1.4.5)
    thor (0.17.0)
    tilt (1.3.3)
    yard (0.8.3)

PLATFORMS
  java
  ruby

DEPENDENCIES
  class_options!
  devutils
  devutils-docs
  devutils-guard
  kramdown
  rack
  redcarpet
  thor
  zero!
