PATH
  remote: .
  specs:
    zero (0.2.0)
      tilt

GEM
  remote: https://rubygems.org/
  specs:
    abstract_type (0.0.4)
      backports (~> 2.8.2)
    adamantium (0.0.6)
      backports (~> 2.8.2)
      ice_nine (~> 0.7.0)
    backports (2.8.2)
    coderay (1.0.9)
    descendants_tracker (0.0.1)
    devutils (0.0.1)
      rspec
      thor
    devutils-docs (0.0.1)
      yard
    devutils-guard (0.0.1)
      guard
      guard-bundler
      guard-rspec
    devutils-metrics (0.0.2)
      flay
      flog
      mutant
      pelusa
      reek
      simplecov
    diff-lcs (1.1.3)
    equalizer (0.0.4)
      adamantium (~> 0.0.6)
      backports (~> 2.8.2)
    flay (2.1.0)
      ruby_parser (~> 3.0)
      sexp_processor (~> 4.0)
    flog (3.2.2)
      ruby_parser (~> 3.1, > 3.1.0)
      sexp_processor (~> 4.0)
    guard (1.6.2)
      listen (>= 0.6.0)
      lumberjack (>= 1.0.2)
      pry (>= 0.9.10)
      terminal-table (>= 1.4.3)
      thor (>= 0.14.6)
    guard-bundler (1.0.0)
      bundler (~> 1.0)
      guard (~> 1.1)
    guard-rspec (2.4.1)
      guard (>= 1.1)
      rspec (~> 2.11)
    ice_nine (0.7.0)
    inflecto (0.0.2)
    kramdown (0.14.2)
    listen (0.7.3)
    lumberjack (1.0.2)
    method_source (0.8.1)
    multi_json (1.6.1)
    mutant (0.2.17)
      abstract_type (~> 0.0.3)
      adamantium (~> 0.0.6)
      backports (~> 2.8.2)
      descendants_tracker (~> 0.0.1)
      diff-lcs (~> 1.1.3)
      equalizer (~> 0.0.4)
      ice_nine (~> 0.7.0)
      inflecto (~> 0.0.2)
      to_source (~> 0.2.14)
    mutant-melbourne (2.0.3)
    pelusa (0.2.2)
    pry (0.9.12)
      coderay (~> 1.0.5)
      method_source (~> 0.8)
      slop (~> 3.4)
    pry (0.9.12-java)
      coderay (~> 1.0.5)
      method_source (~> 0.8)
      slop (~> 3.4)
      spoon (~> 0.0)
    rack (1.5.2)
    redcarpet (2.2.2)
    reek (1.3.1)
      ruby2ruby (~> 2.0.2)
      ruby_parser (~> 3.1.1)
      sexp_processor
    rspec (2.13.0)
      rspec-core (~> 2.13.0)
      rspec-expectations (~> 2.13.0)
      rspec-mocks (~> 2.13.0)
    rspec-core (2.13.0)
    rspec-expectations (2.13.0)
      diff-lcs (>= 1.1.3, < 2.0)
    rspec-mocks (2.13.0)
    ruby2ruby (2.0.3)
      ruby_parser (~> 3.1)
      sexp_processor (~> 4.0)
    ruby_parser (3.1.1)
      sexp_processor (~> 4.1)
    sexp_processor (4.1.5)
    simplecov (0.7.1)
      multi_json (~> 1.0)
      simplecov-html (~> 0.7.1)
    simplecov-html (0.7.1)
    slop (3.4.3)
    spoon (0.0.1)
    terminal-table (1.4.5)
    thor (0.17.0)
    tilt (1.3.3)
    to_source (0.2.18)
      abstract_type (~> 0.0.2)
      adamantium (~> 0.0.5)
      equalizer (~> 0.0.3)
      mutant-melbourne (~> 2.0.3)
    yard (0.8.5.2)

PLATFORMS
  java
  ruby

DEPENDENCIES
  devutils
  devutils-docs
  devutils-guard
  devutils-metrics
  kramdown
  rack
  redcarpet
  thor
  zero!
